PATH
  remote: .
  specs:
    rakali (0.1.0)
      colorator (~> 0.1)
      json-schema (~> 2.2)
      safe_yaml (~> 1.0)
      thor (~> 0.19)

GEM
  remote: https://rubygems.org/
  specs:
    aruba (0.6.0)
      childprocess (>= 0.3.6)
      cucumber (>= 1.1.1)
      rspec-expectations (>= 2.7.0)
    builder (3.2.2)
    childprocess (0.5.3)
      ffi (~> 1.0, >= 1.0.11)
    colorator (0.1)
    cucumber (1.3.16)
      builder (>= 2.1.2)
      diff-lcs (>= 1.1.3)
      gherkin (~> 2.12)
      multi_json (>= 1.7.5, < 2.0)
      multi_test (>= 0.1.1)
    diff-lcs (1.2.5)
    ffi (1.9.3)
    gherkin (2.12.2)
      multi_json (~> 1.3)
    json-schema (2.2.4)
    multi_json (1.10.1)
    multi_test (0.1.1)
    rake (0.9.6)
    rspec (2.99.0)
      rspec-core (~> 2.99.0)
      rspec-expectations (~> 2.99.0)
      rspec-mocks (~> 2.99.0)
    rspec-core (2.99.1)
    rspec-expectations (2.99.2)
      diff-lcs (>= 1.1.3, < 2.0)
    rspec-mocks (2.99.2)
    safe_yaml (1.0.3)
    thor (0.19.1)

PLATFORMS
  ruby

DEPENDENCIES
  aruba (~> 0)
  cucumber (~> 1.3)
  rakali!
  rake (~> 0)
  rspec (~> 2.6)
