PATH
  remote: .
  specs:
    rakali (0.0.1)
      json-schema (~> 2.2.4)
      thor (~> 0.19.1)

GEM
  remote: https://rubygems.org/
  specs:
    diff-lcs (1.2.5)
    json-schema (2.2.4)
    rake (10.3.2)
    rspec (2.99.0)
      rspec-core (~> 2.99.0)
      rspec-expectations (~> 2.99.0)
      rspec-mocks (~> 2.99.0)
    rspec-core (2.99.1)
    rspec-expectations (2.99.2)
      diff-lcs (>= 1.1.3, < 2.0)
    rspec-mocks (2.99.2)
    thor (0.19.1)

PLATFORMS
  ruby

DEPENDENCIES
  rakali!
  rake
  rspec (~> 2.6)
